GEM
  remote: https://rubygems.org/
  specs:
    activesupport (5.0.0.1)
      concurrent-ruby (~> 1.0, >= 1.0.2)
      i18n (~> 0.7)
      minitest (~> 5.1)
      tzinfo (~> 1.1)
    binding.repl (3.0.0)
    cd (1.0.1)
    clipboard (1.1.1)
    code (0.9.0)
      coderay (~> 1.1)
      method_source (~> 0.8, >= 0.8.2)
    coderay (1.1.1)
    concurrent-ruby (1.0.2)
    debugging (1.1.0)
      binding.repl (~> 3.0)
      paint (>= 0.9, < 2.0)
    every_day_irb (2.0.0)
      cd (~> 1.0)
    fancy_irb (1.0.2)
      paint (>= 0.9, < 2.0)
      unicode-display_width (~> 1.0)
    ffi (1.9.14)
    hirb (0.7.3)
    i18n (0.7.0)
    instance (0.2.0)
    interactive_editor (0.0.10)
      spoon (>= 0.0.1)
    irbtools (2.0.1)
      binding.repl (~> 3.0)
      clipboard (~> 1.0, >= 1.0.6)
      code (~> 0.9)
      coderay (~> 1.1)
      debugging (~> 1.1)
      every_day_irb (~> 2.0)
      fancy_irb (~> 1.0)
      hirb (~> 0.7, >= 0.7.3)
      instance (~> 0.2)
      interactive_editor (~> 0.0, >= 0.0.10)
      method_locator (~> 0.0, >= 0.0.4)
      methodfinder (~> 2.0)
      ori (~> 0.1.0)
      os (~> 0.9)
      paint (>= 0.9, < 2.0)
      ruby_engine (~> 1.0)
      ruby_info (~> 1.0)
      ruby_version (~> 1.0)
      wirb (~> 2.0)
    method_locator (0.0.4)
    method_source (0.8.2)
    methodfinder (2.0.0)
    minitest (5.9.1)
    ori (0.1.0)
    os (0.9.6)
    paint (1.0.1)
    ruby_engine (1.0.1)
    ruby_info (1.0.1)
    ruby_version (1.0.1)
    spoon (0.0.6)
      ffi
    thread_safe (0.3.5)
    tzinfo (1.2.2)
      thread_safe (~> 0.1)
    unicode-display_width (1.1.1)
    wirb (2.1.0)
      paint (>= 0.9, < 2.0)

PLATFORMS
  ruby

DEPENDENCIES
  activesupport
  irbtools

BUNDLED WITH
   1.11.2
